GEM
  remote: https://rubygems.org/
  specs:
    bigdecimal (3.1.5)
    concurrent-ruby (1.2.2)
    dotenv (2.8.1)
    dry-configurable (1.1.0)
      dry-core (~> 1.0, < 2)
      zeitwerk (~> 2.6)
    dry-core (1.0.1)
      concurrent-ruby (~> 1.0)
      zeitwerk (~> 2.6)
    erubi (1.12.0)
    ffi (1.16.3)
    forme (2.4.1)
      bigdecimal
    listen (3.8.0)
      rb-fsevent (~> 0.10, >= 0.10.3)
      rb-inotify (~> 0.9, >= 0.9.10)
    mini_portile2 (2.8.5)
    nio4r (2.7.0)
    puma (6.4.0)
      nio4r (~> 2.0)
    rack (3.0.8)
    rackup (2.1.0)
      rack (>= 3)
      webrick (~> 1.8)
    rb-fsevent (0.11.2)
    rb-inotify (0.10.1)
      ffi (~> 1.0)
    roda (3.75.0)
      rack
    sequel (5.75.0)
      bigdecimal
    sequel_tools (0.1.14)
      sequel
    sqlite3 (1.7.0)
      mini_portile2 (~> 2.8.0)
    sqlite3 (1.7.0-x86_64-linux)
    tilt (2.3.0)
    webrick (1.8.1)
    zeitwerk (2.6.12)

PLATFORMS
  ruby
  x86_64-linux

DEPENDENCIES
  dotenv (~> 2.8)
  dry-configurable (~> 1.1)
  erubi (~> 1.12)
  forme (~> 2.4)
  listen (~> 3.8)
  puma (~> 6.4)
  rackup (~> 2.1)
  roda (~> 3.75)
  sequel (~> 5.75)
  sequel_tools (~> 0.1.14)
  sqlite3 (~> 1.7)
  tilt (~> 2.3)

BUNDLED WITH
   2.5.3
